PATH
  remote: .
  specs:
    setup (0.0.1)
      attr_extras (~> 4.4)
      highline (~> 1.7)
      ruby-progressbar (~> 1.7)
      safe_yaml (~> 1.0)
      thor (~> 0.19)

GEM
  remote: https://rubygems.org/
  specs:
    attr_extras (4.5.0)
    awesome_print (1.6.1)
    diff-lcs (1.2.5)
    highline (1.7.8)
    rspec (3.4.0)
      rspec-core (~> 3.4.0)
      rspec-expectations (~> 3.4.0)
      rspec-mocks (~> 3.4.0)
    rspec-core (3.4.3)
      rspec-support (~> 3.4.0)
    rspec-expectations (3.4.0)
      diff-lcs (>= 1.2.0, < 2.0)
      rspec-support (~> 3.4.0)
    rspec-mocks (3.4.1)
      diff-lcs (>= 1.2.0, < 2.0)
      rspec-support (~> 3.4.0)
    rspec-support (3.4.1)
    ruby-progressbar (1.7.5)
    safe_yaml (1.0.4)
    thor (0.19.1)

PLATFORMS
  ruby
  x64-mingw32

DEPENDENCIES
  awesome_print (~> 1.6)
  rspec (~> 3.4)
  setup!

BUNDLED WITH
   1.11.2
