GEM
  remote: https://rubygems.org/
  specs:
    thor (0.19.1)

PLATFORMS
  x64-mingw32

DEPENDENCIES
  thor

BUNDLED WITH
   1.11.2
