PATH
  remote: .
  specs:
    setup (0.0.1)
      highline (~> 1.7)
      logging (~> 2.1)
      parser (~> 2.3)
      thor (~> 0.19)

GEM
  remote: https://rubygems.org/
  specs:
    ast (2.3.0)
    awesome_print (1.6.1)
    coderay (1.1.1)
    diff-lcs (1.2.5)
    docile (1.1.5)
    highline (1.7.8)
    json (1.8.3)
    little-plugger (1.1.4)
    logging (2.1.0)
      little-plugger (~> 1.1)
      multi_json (~> 1.10)
    method_source (0.8.2)
    multi_json (1.12.1)
    parser (2.3.3.1)
      ast (~> 2.2)
    pry (0.10.3)
      coderay (~> 1.1.0)
      method_source (~> 0.8.1)
      slop (~> 3.4)
    rspec (3.4.0)
      rspec-core (~> 3.4.0)
      rspec-expectations (~> 3.4.0)
      rspec-mocks (~> 3.4.0)
    rspec-core (3.4.3)
      rspec-support (~> 3.4.0)
    rspec-expectations (3.4.0)
      diff-lcs (>= 1.2.0, < 2.0)
      rspec-support (~> 3.4.0)
    rspec-mocks (3.4.1)
      diff-lcs (>= 1.2.0, < 2.0)
      rspec-support (~> 3.4.0)
    rspec-support (3.4.1)
    simplecov (0.11.2)
      docile (~> 1.1.0)
      json (~> 1.8)
      simplecov-html (~> 0.10.0)
    simplecov-html (0.10.0)
    slop (3.6.0)
    thor (0.19.4)

PLATFORMS
  ruby
  x64-mingw32

DEPENDENCIES
  awesome_print (~> 1.6)
  pry (~> 0.10)
  rspec (~> 3.4)
  setup!
  simplecov (~> 0.11)

BUNDLED WITH
   1.13.7
